GEM
  remote: https://rubygems.org/
  specs:
    addressable (2.3.4)
    cookiejar (0.3.0)
    em-http-request (1.0.3)
      addressable (>= 2.2.3)
      cookiejar
      em-socksify
      eventmachine (>= 1.0.0.beta.4)
      http_parser.rb (>= 0.5.3)
    em-socksify (0.2.1)
      eventmachine (>= 1.0.0.beta.4)
    em-websocket (0.5.0)
      eventmachine (>= 0.12.9)
      http_parser.rb (~> 0.5.3)
    eventmachine (1.0.3)
    eventmachine_httpserver (0.2.1)
    http_parser.rb (0.5.3)
    json (1.8.0)
    macaddr (1.6.1)
      systemu (~> 2.5.0)
    mysql2 (0.3.11)
    systemu (2.5.2)
    uuid (2.3.7)
      macaddr (~> 1.0)
    xml-simple (1.1.2)

PLATFORMS
  ruby

DEPENDENCIES
  em-http-request
  em-websocket
  eventmachine_httpserver
  json
  mysql2
  uuid
  xml-simple
